GIT
  remote: git://github.com/octokit/octokit.rb.git
  revision: c1e66093eeb499c59e49212ca10c2a4efc356836
  specs:
    octokit (4.3.1.pre1)
      sawyer (~> 0.7.0, >= 0.5.3)

GEM
  remote: https://rubygems.org/
  specs:
    addressable (2.4.0)
    coderay (1.1.1)
    faraday (0.9.2)
      multipart-post (>= 1.2, < 3)
    method_source (0.8.2)
    multipart-post (2.0.0)
    pry (0.10.4)
      coderay (~> 1.1.0)
      method_source (~> 0.8.1)
      slop (~> 3.4)
    sawyer (0.7.0)
      addressable (>= 2.3.5, < 2.5)
      faraday (~> 0.8, < 0.10)
    slop (3.6.0)

PLATFORMS
  ruby

DEPENDENCIES
  octokit!
  pry

BUNDLED WITH
   1.12.5
